GEM
  remote: https://rubygems.org/
  specs:
    addressable (2.3.8)
    chucknorris (0.0.2)
    json (1.8.6)
    mime-types (1.25.1)
    mustermann (1.0.3)
    rack (2.0.8)
    rack-protection (2.0.7)
      rack
    rest-client (1.6.14)
      mime-types (~> 1.16)
    sinatra (2.0.7)
      mustermann (~> 1.0)
      rack (~> 2.0)
      rack-protection (= 2.0.7)
      tilt (~> 2.0)
    tilt (2.0.10)
    unirest (1.1.2)
      addressable (~> 2.3.5)
      json (~> 1.8.1)
      rest-client (~> 1.6.7)

PLATFORMS
  ruby
  x64-mingw32

DEPENDENCIES
  chucknorris (~> 0.0.2)!
  json (~> 1.8.1)!
  sinatra!
  unirest!

BUNDLED WITH
   2.0.2
